PATH
  remote: .
  specs:
    simple-settings (0.0.4)

GEM
  remote: http://rubygems.org/
  specs:

PLATFORMS
  ruby

DEPENDENCIES
  simple-settings!
